PATH
  remote: .
  specs:
    br_documents (0.1.3)
      activemodel (>= 4.0.0)
      i18n (>= 0.6.5)

GEM
  remote: https://rubygems.org/
  specs:
    activemodel (6.0.3.2)
      activesupport (= 6.0.3.2)
    activesupport (6.0.3.2)
      concurrent-ruby (~> 1.0, >= 1.0.2)
      i18n (>= 0.7, < 2)
      minitest (~> 5.1)
      tzinfo (~> 1.1)
      zeitwerk (~> 2.2, >= 2.2.2)
    byebug (10.0.2)
    codeclimate-test-reporter (1.0.7)
      simplecov
    concurrent-ruby (1.1.6)
    diff-lcs (1.3)
    docile (1.1.5)
    i18n (1.8.3)
      concurrent-ruby (~> 1.0)
    json (2.0.3)
    minitest (5.14.1)
    rake (12.0.0)
    rspec (3.5.0)
      rspec-core (~> 3.5.0)
      rspec-expectations (~> 3.5.0)
      rspec-mocks (~> 3.5.0)
    rspec-core (3.5.4)
      rspec-support (~> 3.5.0)
    rspec-expectations (3.5.0)
      diff-lcs (>= 1.2.0, < 2.0)
      rspec-support (~> 3.5.0)
    rspec-mocks (3.5.0)
      diff-lcs (>= 1.2.0, < 2.0)
      rspec-support (~> 3.5.0)
    rspec-support (3.5.0)
    simplecov (0.14.0)
      docile (~> 1.1.0)
      json (>= 1.8, < 3)
      simplecov-html (~> 0.10.0)
    simplecov-html (0.10.0)
    thread_safe (0.3.6)
    tzinfo (1.2.7)
      thread_safe (~> 0.1)
    zeitwerk (2.3.0)

PLATFORMS
  ruby

DEPENDENCIES
  br_documents!
  bundler (>= 1.3)
  byebug (= 10.0.2)
  codeclimate-test-reporter
  rake (>= 10.1.0)
  rspec (>= 3.0.0)
  simplecov (>= 0.9.0)

BUNDLED WITH
   1.17.2
